PATH
  remote: .
  specs:
    sweety_backy (0.0.19)
      aws-sdk

GEM
  remote: http://rubygems.org/
  specs:
    aws-sdk (1.7.1)
      httparty (~> 0.7)
      json (~> 1.4)
      nokogiri (>= 1.4.4)
      uuidtools (~> 2.1)
    chronic (0.6.2)
    delorean (1.1.0)
      chronic
    httparty (0.9.0)
      multi_json (~> 1.0)
      multi_xml
    json (1.7.5)
    mocha (0.9.12)
    multi_json (1.3.7)
    multi_xml (0.5.1)
    nokogiri (1.5.5)
    rake (0.9.2)
    uuidtools (2.1.3)

PLATFORMS
  ruby

DEPENDENCIES
  bundler (>= 1.0.0.rc.6)
  delorean
  mocha
  rake
  sweety_backy!
