PATH
  remote: .
  specs:
    sweety_backy (0.0.15)
      aws-sdk

GEM
  remote: http://rubygems.org/
  specs:
    aws-sdk (1.1.1)
      httparty (~> 0.7)
      json (~> 1.4)
      nokogiri (>= 1.4.4)
      uuidtools (~> 2.1)
    chronic (0.6.2)
    crack (0.1.8)
    delorean (1.1.0)
      chronic
    httparty (0.7.8)
      crack (= 0.1.8)
    json (1.5.3)
    mocha (0.9.12)
    nokogiri (1.5.0)
    rake (0.9.2)
    uuidtools (2.1.2)

PLATFORMS
  ruby

DEPENDENCIES
  bundler (>= 1.0.0.rc.6)
  delorean
  mocha
  rake
  sweety_backy!
