PATH
  remote: .
  specs:
    sweety_backy (0.0.25)
      aws-sdk (= 1.7.1)

GEM
  remote: http://rubygems.org/
  specs:
    aws-sdk (1.7.1)
      httparty (~> 0.7)
      json (~> 1.4)
      nokogiri (>= 1.4.4)
      uuidtools (~> 2.1)
    chronic (0.10.2)
    delorean (2.1.0)
      chronic
    httparty (0.16.2)
      multi_xml (>= 0.5.2)
    json (1.8.6)
    metaclass (0.0.4)
    mini_portile2 (2.3.0)
    minitest (5.11.3)
    mocha (1.5.0)
      metaclass (~> 0.0.1)
    multi_xml (0.6.0)
    nokogiri (1.8.3)
      mini_portile2 (~> 2.3.0)
    rake (0.9.2)
    uuidtools (2.1.5)

PLATFORMS
  ruby

DEPENDENCIES
  bundler (>= 1.0.0.rc.6)
  delorean
  minitest
  mocha
  rake
  sweety_backy!

BUNDLED WITH
   1.15.4
